GIT
  remote: https://github.com/L2G/rspec-core
  revision: eca82b9cb2691b849f55c5a75e6f4703ea8f2260
  branch: bring-back-win32console
  specs:
    rspec-core (2.11.1)

GEM
  remote: http://rubygems.org/
  specs:
    cloudservers (0.4.2)
      json
    diff-lcs (1.1.3)
    fuubar (1.1.0)
      rspec (~> 2.0)
      rspec-instafail (~> 0.2.0)
      ruby-progressbar (~> 1.0.0)
    ir_b (1.5.0)
    json (1.7.5)
    minitar (0.5.4)
    rake (10.0.1)
    rspec (2.11.0)
      rspec-core (~> 2.11.0)
      rspec-expectations (~> 2.11.0)
      rspec-mocks (~> 2.11.0)
    rspec-expectations (2.11.3)
      diff-lcs (~> 1.1.3)
    rspec-instafail (0.2.4)
    rspec-mocks (2.11.3)
    ruby-progressbar (1.0.2)
    win32console (1.3.2-x86-mingw32)

PLATFORMS
  x86-mingw32

DEPENDENCIES
  cloudservers
  fuubar
  ir_b
  minitar
  rake
  rspec
  rspec-core!
  win32console
